GEM
  remote: https://rubygems.org/
  specs:
    byebug (5.0.0)
      columnize (= 0.9.0)
    columnize (0.9.0)
    liquid (3.0.2)
    pdfkit (0.7.0)

PLATFORMS
  ruby

DEPENDENCIES
  byebug
  liquid (~> 3.0.0)
  pdfkit (~> 0.7.0)
